GEM
  remote: https://rubygems.org/
  specs:
    activesupport (4.2.1)
      i18n (~> 0.7)
      json (~> 1.7, >= 1.7.7)
      minitest (~> 5.1)
      thread_safe (~> 0.3, >= 0.3.4)
      tzinfo (~> 1.1)
    colorize (0.7.7)
    i18n (0.7.0)
    json (1.8.3)
    minitest (5.8.0)
    slack-notifier (1.2.1)
    thread_safe (0.3.5)
    timeout (0.0.1)
      timeout-extensions
    timeout-extensions (0.0.0)
    tzinfo (1.2.2)
      thread_safe (~> 0.1)

PLATFORMS
  ruby

DEPENDENCIES
  activesupport
  colorize
  slack-notifier
  timeout

BUNDLED WITH
   1.10.0
